GEM
  remote: https://rubygems.org/
  specs:
    bson (1.8.2)
    impala (0.1.3)
      thrift (~> 0.9)
    listen (0.7.1)
    mongo (1.8.2)
      bson (~> 1.8.2)
    rack (1.4.2)
    rack-protection (1.3.2)
      rack
    rb-fsevent (0.9.3)
    rerun (0.7.1)
      listen
    sinatra (1.3.3)
      rack (~> 1.3, >= 1.3.6)
      rack-protection (~> 1.2)
      tilt (~> 1.3, >= 1.3.3)
    thrift (0.9.0)
    tilt (1.3.3)

PLATFORMS
  ruby

DEPENDENCIES
  impala
  mongo
  rb-fsevent (~> 0.9.1)
  rerun
  sinatra
